GEM
  remote: https://rubygems.org/
  specs:
    ProMotion (2.2.1)
      methadone (~> 1.7)
    activesupport (3.2.21)
      i18n (~> 0.6, >= 0.6.4)
      multi_json (~> 1.0)
    afmotion (2.5)
      motion-cocoapods (>= 1.4.1)
      motion-require (>= 0.1)
    claide (0.8.1)
    cocoapods (0.36.0)
      activesupport (>= 3.2.15)
      claide (~> 0.8.1)
      cocoapods-core (= 0.36.0)
      cocoapods-downloader (~> 0.8.1)
      cocoapods-plugins (~> 0.4.1)
      cocoapods-trunk (~> 0.6.0)
      cocoapods-try (~> 0.4.3)
      colored (~> 1.2)
      escape (~> 0.0.4)
      molinillo (~> 0.2.1)
      nap (~> 0.8)
      open4 (~> 1.3)
      xcodeproj (~> 0.23.0)
    cocoapods-core (0.36.0)
      activesupport (>= 3.2.15)
      fuzzy_match (~> 2.0.4)
      nap (~> 0.8.0)
    cocoapods-downloader (0.8.1)
    cocoapods-plugins (0.4.1)
      nap
    cocoapods-trunk (0.6.0)
      nap (>= 0.8)
      netrc (= 0.7.8)
    cocoapods-try (0.4.3)
    colored (1.2)
    escape (0.0.4)
    fuzzy_match (2.0.4)
    i18n (0.7.0)
    methadone (1.9.0)
      bundler
    molinillo (0.2.1)
    motion-cocoapods (1.7.0)
      cocoapods (>= 0.34)
    motion-require (0.2.0)
    motion_print (0.0.4)
    multi_json (1.11.0)
    nap (0.8.0)
    netrc (0.7.8)
    open4 (1.3.4)
    rake (10.4.2)
    redpotion (1.0.0)
      ProMotion (~> 2.2.1)
      motion-cocoapods
      motion_print
      ruby_motion_query (~> 1.1)
    ruby_motion_query (1.1.0)
    xcodeproj (0.23.0)
      activesupport (>= 3)
      colored (~> 1.2)

PLATFORMS
  ruby

DEPENDENCIES
  afmotion
  rake
  redpotion
